GEM
  remote: https://rubygems.org/
  specs:
    activesupport (4.2.7.1)
      i18n (~> 0.7)
      json (~> 1.7, >= 1.7.7)
      minitest (~> 5.1)
      thread_safe (~> 0.3, >= 0.3.4)
      tzinfo (~> 1.1)
    dalli (2.7.6)
    faraday (0.9.2)
      multipart-post (>= 1.2, < 3)
    faraday_middleware (0.10.0)
      faraday (>= 0.7.4, < 0.10)
    gemstash (1.0.3)
      activesupport (~> 4.2)
      dalli (~> 2.7)
      faraday (~> 0.9)
      faraday_middleware (~> 0.10)
      lru_redux (~> 1.1)
      puma (~> 2.14)
      sequel (~> 4.26)
      sinatra (~> 1.4)
      sqlite3 (~> 1.3)
      thor (~> 0.19)
    i18n (0.7.0)
    json (1.8.3)
    lru_redux (1.1.0)
    minitest (5.9.1)
    multipart-post (2.0.0)
    puma (2.16.0)
    rack (1.6.4)
    rack-protection (1.5.3)
      rack
    sequel (4.39.0)
    sinatra (1.4.7)
      rack (~> 1.5)
      rack-protection (~> 1.4)
      tilt (>= 1.3, < 3)
    sqlite3 (1.3.12)
    thor (0.19.1)
    thread_safe (0.3.5)
    tilt (2.0.5)
    tzinfo (1.2.2)
      thread_safe (~> 0.1)

PLATFORMS
  ruby

DEPENDENCIES
  gemstash

BUNDLED WITH
   1.12.5
