GEM
  remote: https://rubygems.org/
  specs:
    activesupport (5.1.5)
      concurrent-ruby (~> 1.0, >= 1.0.2)
      i18n (~> 0.7)
      minitest (~> 5.1)
      tzinfo (~> 1.1)
    concurrent-ruby (1.0.5)
    dalli (2.7.6)
    diff-lcs (1.3)
    docker-api (1.34.2)
      excon (>= 0.47.0)
      multi_json
    excon (0.62.0)
    faraday (0.14.0)
      multipart-post (>= 1.2, < 3)
    faraday_middleware (0.12.2)
      faraday (>= 0.7.4, < 1.0)
    gemstash (1.1.0)
      activesupport (>= 4.2, < 6)
      dalli (~> 2.7)
      faraday (~> 0.9)
      faraday_middleware (~> 0.10)
      lru_redux (~> 1.1)
      puma (~> 2.14)
      sequel (~> 4.26)
      server_health_check-rack (~> 0.1)
      sinatra (~> 1.4)
      sqlite3 (~> 1.3)
      thor (~> 0.19)
    i18n (0.9.5)
      concurrent-ruby (~> 1.0)
    lru_redux (1.1.0)
    minitest (5.11.3)
    multi_json (1.13.1)
    multipart-post (2.0.0)
    net-scp (1.2.1)
      net-ssh (>= 2.6.5)
    net-ssh (4.2.0)
    net-telnet (0.1.1)
    puma (2.16.0)
    rack (1.6.11)
    rack-protection (1.5.5)
      rack
    rspec (3.7.0)
      rspec-core (~> 3.7.0)
      rspec-expectations (~> 3.7.0)
      rspec-mocks (~> 3.7.0)
    rspec-core (3.7.1)
      rspec-support (~> 3.7.0)
    rspec-expectations (3.7.0)
      diff-lcs (>= 1.2.0, < 2.0)
      rspec-support (~> 3.7.0)
    rspec-its (1.2.0)
      rspec-core (>= 3.0.0)
      rspec-expectations (>= 3.0.0)
    rspec-mocks (3.7.0)
      diff-lcs (>= 1.2.0, < 2.0)
      rspec-support (~> 3.7.0)
    rspec-support (3.7.1)
    sequel (4.49.0)
    server_health_check (1.0.2)
    server_health_check-rack (0.1.0)
      server_health_check (~> 1.0, >= 1.0.1)
    serverspec (2.41.3)
      multi_json
      rspec (~> 3.0)
      rspec-its
      specinfra (~> 2.72)
    sfl (2.3)
    sinatra (1.4.8)
      rack (~> 1.5)
      rack-protection (~> 1.4)
      tilt (>= 1.3, < 3)
    specinfra (2.73.2)
      net-scp
      net-ssh (>= 2.7, < 5.0)
      net-telnet
      sfl
    sqlite3 (1.3.13)
    thor (0.20.0)
    thread_safe (0.3.6)
    tilt (2.0.8)
    tzinfo (1.2.5)
      thread_safe (~> 0.1)

PLATFORMS
  ruby

DEPENDENCIES
  docker-api
  gemstash
  serverspec

BUNDLED WITH
   1.15.1
